PATH
  remote: .
  specs:
    thruster (0.1.0)
      activesupport (~> 7.2)
      zeitwerk (~> 2.6, >= 2.6.18)

GEM
  remote: https://rubygems.org/
  specs:
    activesupport (7.2.1)
      base64
      bigdecimal
      concurrent-ruby (~> 1.0, >= 1.3.1)
      connection_pool (>= 2.2.5)
      drb
      i18n (>= 1.6, < 2)
      logger (>= 1.4.2)
      minitest (>= 5.1)
      securerandom (>= 0.3)
      tzinfo (~> 2.0, >= 2.0.5)
    ansi (1.5.0)
    base64 (0.2.0)
    bigdecimal (3.1.8)
    builder (3.3.0)
    concurrent-ruby (1.3.4)
    connection_pool (2.4.1)
    drb (2.2.1)
    i18n (1.14.6)
      concurrent-ruby (~> 1.0)
    logger (1.6.1)
    minitest (5.25.1)
    minitest-reporters (1.7.1)
      ansi
      builder
      minitest (>= 5.0)
      ruby-progressbar
    rake (13.2.1)
    ruby-progressbar (1.13.0)
    securerandom (0.3.1)
    tzinfo (2.0.6)
      concurrent-ruby (~> 1.0)
    zeitwerk (2.6.18)

PLATFORMS
  ruby
  x86_64-darwin-23

DEPENDENCIES
  minitest (~> 5.16)
  minitest-reporters (~> 1.7)
  rake (~> 13.0)
  thruster!

BUNDLED WITH
   2.5.18
